GEM
  remote: https://rubygems.org/
  specs:
    atomic (1.1.14)
    atomic (1.1.14-java)
    diff-lcs (1.2.5)
    execjs (2.0.2)
    jsmin (1.0.1)
    json (1.8.1)
    json (1.8.1-java)
    json-schema (1.0.10)
    mime-types (2.0)
    minitest (5.2.0)
    multi_json (1.8.2)
    net-http-persistent (2.9)
    puma (2.7.1)
      rack (>= 1.1, < 2.0)
    puma (2.7.1-java)
      rack (>= 1.1, < 2.0)
    rack (1.5.2)
    rack-protection (1.5.1)
      rack
    rack-test (0.6.2)
      rack (>= 1.0)
    rspec (2.14.1)
      rspec-core (~> 2.14.0)
      rspec-expectations (~> 2.14.0)
      rspec-mocks (~> 2.14.0)
    rspec-core (2.14.7)
    rspec-expectations (2.14.4)
      diff-lcs (>= 1.1.3, < 2.0)
    rspec-mocks (2.14.4)
    rubyzip (1.1.0)
    rufus-lru (1.0.5)
    sinatra (1.4.4)
      rack (~> 1.4)
      rack-protection (~> 1.4)
      tilt (~> 1.3, >= 1.3.4)
    sinatra-assetpack (0.3.1)
      jsmin
      rack-test
      sinatra
      tilt (>= 1.3.0)
    tilt (1.4.1)

PLATFORMS
  java
  ruby

DEPENDENCIES
  atomic
  bundler
  execjs
  jsmin
  json
  json-schema (= 1.0.10)
  mime-types
  minitest
  multi_json
  net-http-persistent
  puma
  rack
  rack-protection
  rack-test
  rspec
  rubyzip
  rufus-lru
  sinatra
  sinatra-assetpack
  tilt (= 1.4.1)
